GEM
  remote: https://rubygems.org/
  specs:
    bourbon (4.2.6)
      sass (~> 3.4)
      thor (~> 0.19)
    sass (3.4.21)
    thor (0.19.1)

PLATFORMS
  ruby

DEPENDENCIES
  bourbon (~> 4.2, >= 4.2.6)
  sass (~> 3.4, >= 3.4.21)

BUNDLED WITH
   1.11.2
